GEM
  remote: https://rubygems.org/
  specs:
    rufo (0.9.0)

PLATFORMS
  ruby

DEPENDENCIES
  rufo

RUBY VERSION
   ruby 2.6.3p62

BUNDLED WITH
   2.0.2
